PATH
  remote: .
  specs:
    resque-cleaner (0.4.1)
      resque

GEM
  remote: https://rubygems.org/
  specs:
    connection_pool (2.4.1)
    json (2.6.1)
    minitest (5.15.0)
    mono_logger (1.1.2)
    multi_json (1.15.0)
    mustermann (3.0.0)
      ruby2_keywords (~> 0.0.1)
    rack (2.2.8)
    rack-protection (3.0.6)
      rack
    rack-test (1.1.0)
      rack (>= 1.0, < 3)
    rake (13.0.6)
    redis (5.0.6)
      redis-client (>= 0.9.0)
    redis-client (0.15.0)
      connection_pool
    redis-namespace (1.11.0)
      redis (>= 4)
    resque (2.5.0)
      mono_logger (~> 1.0)
      multi_json (~> 1.0)
      redis-namespace (~> 1.6)
      sinatra (>= 0.9.2)
    ruby2_keywords (0.0.5)
    sinatra (3.0.6)
      mustermann (~> 3.0)
      rack (~> 2.2, >= 2.2.4)
      rack-protection (= 3.0.6)
      tilt (~> 2.0)
    tilt (2.2.0)
    timecop (0.9.5)

PLATFORMS
  arm64-darwin-21

DEPENDENCIES
  json
  minitest (~> 5.0)
  rack-test
  rake
  resque-cleaner!
  timecop

BUNDLED WITH
   2.3.10
